GIT
  remote: https://github.com/rlister/stax
  revision: 5d0bc8847b4699ab992e5a4530e02c1b20a34302
  specs:
    stax (0.0.3)
      aws-sdk (~> 2)
      cfer
      git_clone_url
      octokit
      thor

GIT
  remote: https://github.com/rlister/stax-nag
  revision: b04322794005733039d2cecb3be1dbab4d9a1f41
  specs:
    stax-nag (0.0.1)
      cfn-nag
      stax

GEM
  remote: https://rubygems.org/
  specs:
    activesupport (5.1.6)
      concurrent-ruby (~> 1.0, >= 1.0.2)
      i18n (>= 0.7, < 2)
      minitest (~> 5.1)
      tzinfo (~> 1.1)
    addressable (2.5.2)
      public_suffix (>= 2.0.2, < 4.0)
    aws-sdk (2.11.27)
      aws-sdk-resources (= 2.11.27)
    aws-sdk-core (2.11.27)
      aws-sigv4 (~> 1.0)
      jmespath (~> 1.0)
    aws-sdk-resources (2.11.27)
      aws-sdk-core (= 2.11.27)
    aws-sigv4 (1.0.2)
    cfer (0.6.0)
      activesupport (>= 3)
      aws-sdk (~> 2.2)
      aws-sdk-resources (~> 2.2)
      cri (~> 2.7)
      docile (~> 1.1)
      git (~> 1.3)
      highline (~> 1.7)
      preconditions (~> 0.3.0)
      rainbow (~> 2.1)
      semantic (~> 1.4)
      table_print (~> 1.5)
    cfn-model (0.1.19)
      kwalify (= 0.7.2)
    cfn-nag (0.3.21)
      cfn-model (= 0.1.19)
      jmespath (= 1.3.1)
      logging (= 2.2.2)
      netaddr (= 1.5.1)
      trollop (= 2.1.2)
    colored (1.2)
    concurrent-ruby (1.0.5)
    cri (2.10.1)
      colored (~> 1.2)
    docile (1.2.0)
    faraday (0.14.0)
      multipart-post (>= 1.2, < 3)
    git (1.3.0)
    git_clone_url (2.0.0)
      uri-ssh_git (>= 2.0)
    highline (1.7.10)
    i18n (1.0.0)
      concurrent-ruby (~> 1.0)
    jmespath (1.3.1)
    kwalify (0.7.2)
    little-plugger (1.1.4)
    logging (2.2.2)
      little-plugger (~> 1.1)
      multi_json (~> 1.10)
    minitest (5.11.3)
    multi_json (1.13.1)
    multipart-post (2.0.0)
    netaddr (1.5.1)
    octokit (4.8.0)
      sawyer (~> 0.8.0, >= 0.5.3)
    preconditions (0.3.0)
    public_suffix (3.0.2)
    rainbow (2.2.2)
      rake
    rake (12.3.1)
    sawyer (0.8.1)
      addressable (>= 2.3.5, < 2.6)
      faraday (~> 0.8, < 1.0)
    semantic (1.6.1)
    table_print (1.5.6)
    thor (0.20.0)
    thread_safe (0.3.6)
    trollop (2.1.2)
    tzinfo (1.2.5)
      thread_safe (~> 0.1)
    uri-ssh_git (2.0.0)

PLATFORMS
  ruby

DEPENDENCIES
  docile (~> 1.2.0)
  stax!
  stax-nag!

BUNDLED WITH
   1.16.1
